GEM
  remote: https://rubygems.org/
  specs:
    async (1.17.1)
      console (~> 1.0)
      nio4r (~> 2.3)
      timers (~> 4.1)
    async-container (0.10.2)
      async (~> 1.0)
      async-io (~> 1.4)
      process-group
    async-http (0.40.3)
      async (~> 1.14)
      async-io (~> 1.18)
      protocol-http (~> 0.3.0)
      protocol-http1 (~> 0.5.0)
      protocol-http2 (~> 0.2.0)
    async-io (1.23.1)
      async (~> 1.14)
    build-environment (1.10.1)
    concurrent-ruby (1.1.5)
    console (1.2.4)
    dry-configurable (0.8.2)
      concurrent-ruby (~> 1.0)
      dry-core (~> 0.4, >= 0.4.7)
    dry-container (0.7.0)
      concurrent-ruby (~> 1.0)
      dry-configurable (~> 0.1, >= 0.1.3)
    dry-core (0.4.7)
      concurrent-ruby (~> 1.0)
    dry-equalizer (0.2.2)
    dry-inflector (0.1.2)
    dry-initializer (3.0.1)
    dry-logic (1.0.0)
      concurrent-ruby (~> 1.0)
      dry-core (~> 0.2)
      dry-equalizer (~> 0.2)
    dry-struct (1.0.0)
      dry-core (~> 0.4, >= 0.4.3)
      dry-equalizer (~> 0.2)
      dry-types (~> 1.0)
      ice_nine (~> 0.11)
    dry-types (1.0.0)
      concurrent-ruby (~> 1.0)
      dry-container (~> 0.3)
      dry-core (~> 0.4, >= 0.4.4)
      dry-equalizer (~> 0.2, >= 0.2.2)
      dry-inflector (~> 0.1, >= 0.1.2)
      dry-logic (~> 1.0)
    falcon (0.30.0)
      async (~> 1.13)
      async-container (~> 0.10.0)
      async-http (~> 0.40.0)
      async-io (~> 1.22)
      build-environment (~> 1.6)
      localhost (~> 1.1)
      rack (>= 1.0)
      samovar (~> 2.1)
    ice_nine (0.11.2)
    localhost (1.1.5)
    mapping (1.1.1)
    nio4r (2.3.1)
    pg (1.1.4)
    process-group (1.1.0)
    protocol-hpack (1.0.0)
    protocol-http (0.3.0)
    protocol-http1 (0.5.0)
      protocol-http (~> 0.2)
    protocol-http2 (0.2.1)
      protocol-hpack (~> 1.0)
      protocol-http (~> 0.2)
    rack (2.0.7)
    rake (12.3.2)
    roda (3.20.0)
      rack
    rom (5.0.2)
      rom-changeset (~> 5.0, >= 5.0.1)
      rom-core (~> 5.0, >= 5.0.2)
      rom-repository (~> 5.0)
    rom-changeset (5.0.1)
      dry-core (~> 0.3, >= 0.3.1)
      rom-core (~> 5.0)
      transproc (~> 1.0)
    rom-core (5.0.2)
      concurrent-ruby (~> 1.1)
      dry-container (~> 0.7)
      dry-core (~> 0.4)
      dry-equalizer (~> 0.2)
      dry-inflector (~> 0.1)
      dry-initializer (~> 3.0, >= 3.0.1)
      dry-struct (~> 1.0)
      dry-types (~> 1.0)
      transproc (~> 1.0)
    rom-repository (5.0.0)
      dry-core (~> 0.4)
      dry-initializer (~> 3.0, >= 3.0.1)
      rom-core (~> 5.0)
    rom-sql (3.0.1)
      dry-core (~> 0.4)
      dry-equalizer (~> 0.2)
      dry-types (~> 1.0)
      rom-core (~> 5.0, >= 5.0.1)
      sequel (>= 4.49)
    samovar (2.1.1)
      console (~> 1.0)
      mapping (~> 1.0)
    sequel (5.20.0)
    timers (4.3.0)
    transproc (1.0.3)

PLATFORMS
  ruby

DEPENDENCIES
  falcon (~> 0.30.0)
  pg (~> 1.1)
  rake (~> 12.3)
  roda (~> 3.20)
  rom (~> 5.0)
  rom-sql (~> 3.0)

RUBY VERSION
   ruby 2.6.3p62

BUNDLED WITH
   1.17.2
